PATH
  remote: .
  specs:
    Justools (1.1.6)

GEM
  remote: http://rubygems.org/
  specs:

PLATFORMS
  ruby

DEPENDENCIES
  Justools!
